GEM
  remote: https://rubygems.org/
  specs:
    cuba (3.4.0)
      rack
    multi_json (1.11.2)
    rack (1.6.4)

PLATFORMS
  ruby

DEPENDENCIES
  cuba
  multi_json
