GEM
  remote: https://rubygems.org/
  specs:
    coderay (1.1.0)
    cuba (3.4.0)
      rack
    dotenv (2.0.2)
    method_source (0.8.2)
    multi_json (1.11.2)
    oauth (0.4.7)
    pry (0.10.2)
      coderay (~> 1.1.0)
      method_source (~> 0.8.1)
      slop (~> 3.4)
    puma (2.14.0)
    rack (1.6.4)
    slop (3.6.0)

PLATFORMS
  ruby

DEPENDENCIES
  cuba
  dotenv
  multi_json
  oauth
  pry
  puma
